GEM
  remote: https://rubygems.org/
  specs:
    RedCloth (4.2.2)
    builder (2.1.2)
    haml (3.0.12)
    hoe (3.12.0)
      rake (>= 0.8, < 11.0)
    hpricot (0.8.2)
    maruku (0.6.0)
      syntax (>= 1.0.0)
    open4 (0.9.6)
    rack (1.5.2)
    rack-test (0.5.3)
      rack (>= 1.0)
    rake (0.8.7)
    rake-remote_task (2.0.4)
      open4 (~> 0.9.0)
      rake (~> 0.8)
    rspec (1.3.0)
    rspec_hpricot_matchers (1.0)
    shotgun (0.8)
      rack (>= 1.0)
    sinatra (1.1.0)
      rack (~> 1.1)
      tilt (~> 1.1)
    syntax (1.2.0)
    test-unit (1.2.3)
      hoe (>= 1.5.1)
    tilt (1.4.1)
    vlad (2.1.0)
      open4 (~> 0.9.0)
      rake (~> 0.8.0)
      rake-remote_task (~> 2.0)
    vlad-git (2.2.0)
      vlad (>= 2.1.0)

PLATFORMS
  ruby

DEPENDENCIES
  RedCloth (= 4.2.2)
  builder (= 2.1.2)
  haml (= 3.0.12)
  hpricot (= 0.8.2)
  maruku (= 0.6.0)
  rack-test (= 0.5.3)
  rspec (= 1.3.0)
  rspec_hpricot_matchers (= 1.0)
  shotgun (= 0.8)
  sinatra (= 1.1.0)
  test-unit (= 1.2.3)
  vlad (= 2.1.0)
  vlad-git (= 2.2.0)
